PATH
  remote: .
  specs:
    flammarion (0.3.0)
      colorize (~> 0.7)
      filewatcher (~> 0.5)
      launchy
      rubame (~> 0.0.2)
      websocket

GEM
  remote: https://rubygems.org/
  specs:
    addressable (2.8.4)
      public_suffix (>= 2.0.2, < 6.0)
    colorize (0.8.1)
    filewatcher (0.5.4)
      trollop (~> 2.0)
    launchy (2.5.2)
      addressable (~> 2.8)
    public_suffix (5.0.1)
    rubame (0.0.2)
      websocket (~> 1.0)
    trollop (2.9.10)
    websocket (1.2.9)

PLATFORMS
  x86_64-linux

DEPENDENCIES
  flammarion!

BUNDLED WITH
   2.4.10
